GEM
  remote: https://rubygems.org/
  specs:
    dotenv (2.2.1)
    rack (1.6.12)
    rack-protection (1.5.5)
      rack
    recurly (2.17.11)
    sinatra (1.4.8)
      rack (~> 1.5)
      rack-protection (~> 1.4)
      tilt (>= 1.3, < 3)
    tilt (2.0.10)

PLATFORMS
  ruby

DEPENDENCIES
  dotenv
  recurly (~> 2.9)
  sinatra (>= 1.4.8, < 1.5)

BUNDLED WITH
   1.17.3
