GEM
  remote: https://rubygems.org/
  specs:
    dotenv (2.2.1)
    mustermann (1.1.1)
      ruby2_keywords (~> 0.0.1)
    rack (2.2.3)
    rack-protection (2.0.8.1)
      rack
    recurly (2.17.11)
    ruby2_keywords (0.0.1)
    sinatra (2.0.8.1)
      mustermann (~> 1.0)
      rack (~> 2.0)
      rack-protection (= 2.0.8.1)
      tilt (~> 2.0)
    tilt (2.0.10)

PLATFORMS
  ruby

DEPENDENCIES
  dotenv
  recurly (~> 2.9)
  sinatra (~> 2.0, >= 2.0.2)

BUNDLED WITH
   1.17.3
